PATH
  remote: .
  specs:
    cucumber-nagios (0.9.3)
      amqp (~> 0.6.7)
      aruba (>= 0.3.4)
      bundler (>= 1.0.13)
      cucumber (~> 1.1.2)
      cuken (>= 0.1.1)
      mechanize (~> 1.0.0)
      net-ssh (>= 2.1.4)
      rspec (>= 2.5.0)
      templater (>= 1.0.0)
      webrat (>= 0.7.2)

GEM
  remote: http://rubygems.org/
  specs:
    amqp (0.6.7)
      eventmachine (>= 0.12.4)
    aruba (0.3.7)
      childprocess (>= 0.1.9)
      cucumber (>= 0.10.5)
      rspec (>= 2.6.0)
    builder (3.2.4)
    childprocess (4.0.0)
    cucumber (1.1.9)
      builder (>= 2.1.2)
      diff-lcs (>= 1.1.2)
      gherkin (~> 2.9.0)
      json (>= 1.4.6)
      term-ansicolor (>= 1.0.6)
    cuken (0.1.1)
      aruba (~> 0.3.3)
      ssh-forever
    diff-lcs (1.4.4)
    eventmachine (1.0.0)
    extlib (0.9.16)
    gherkin (2.9.3)
      json (>= 1.4.6)
    highline (2.0.3)
    json (2.3.1)
    mechanize (1.0.0)
      nokogiri (>= 1.2.1)
    net-ssh (2.6.2)
    nokogiri (1.5.6)
    rack (1.4.1)
    rack-test (0.6.2)
      rack (>= 1.0)
    rake (0.9.2.2)
    rspec (3.9.0)
      rspec-core (~> 3.9.0)
      rspec-expectations (~> 3.9.0)
      rspec-mocks (~> 3.9.0)
    rspec-core (3.9.2)
      rspec-support (~> 3.9.3)
    rspec-expectations (3.9.2)
      diff-lcs (>= 1.2.0, < 2.0)
      rspec-support (~> 3.9.0)
    rspec-mocks (3.9.1)
      diff-lcs (>= 1.2.0, < 2.0)
      rspec-support (~> 3.9.0)
    rspec-support (3.9.3)
    ssh-forever (0.2.3)
    sync (0.5.0)
    templater (1.0.0)
      diff-lcs (>= 1.1.2)
      extlib (>= 0.9.5)
      highline (>= 1.4.0)
    term-ansicolor (1.7.1)
      tins (~> 1.0)
    tins (1.25.0)
      sync
    webrat (0.7.3)
      nokogiri (>= 1.2.0)
      rack (>= 1.0)
      rack-test (>= 0.5.3)

PLATFORMS
  ruby

DEPENDENCIES
  cucumber-nagios!
  rake (>= 0.8.3)
